GEM
  remote: https://rubygems.org/
  specs:
    daedalus-core (1.6)
    rake (12.1.0)
    redcard (1.1.0)
    rubinius-ast (3.12)
    rubinius-bridge (3.0)
      redcard (~> 1.0)
    rubinius-code (3.0)
      rubinius-ast (~> 3)
      rubinius-compiler (~> 3)
      rubinius-instructions (~> 3)
      rubinius-melbourne (~> 3)
      rubinius-processor (~> 3)
      rubinius-toolset (~> 3)
    rubinius-compiler (3.22)
    rubinius-instructions (3.0)
    rubinius-melbourne (3.10)
    rubinius-processor (3.3)
    rubinius-toolset (3.0)

PLATFORMS
  ruby

DEPENDENCIES
  daedalus-core (~> 1.0)
  rake (~> 12)
  redcard (~> 1.0)
  rubinius-bridge (~> 3.0)
  rubinius-code (~> 3)

BUNDLED WITH
   1.15.4
