GEM
  remote: https://rubygems.org/
  specs:
    daedalus-core (0.0.3)
    rake (10.3.2)
    redcard (1.1.0)
    rubinius-ast (2.2.0)
    rubinius-bridge (1.0.8)
      redcard (~> 1.0)
    rubinius-build_tools (2.0.0)
      rubinius-ast (~> 2.0)
      rubinius-compiler (~> 2.0)
      rubinius-melbourne (~> 2.0)
      rubinius-processor (~> 2.0)
      rubinius-toolset (~> 2.0)
    rubinius-compiler (2.2.0)
    rubinius-melbourne (2.2.0.0)
    rubinius-processor (2.2.0)
    rubinius-toolset (2.3.0)

PLATFORMS
  ruby

DEPENDENCIES
  daedalus-core (~> 0.0.3)
  rake (~> 10.0)
  redcard (~> 1.0)
  rubinius-bridge (~> 1.0)
  rubinius-build_tools (~> 2.0)
